GEM
  remote: https://rubygems.org/
  specs:
    sass (3.4.13)
    toolkit (2.7.0)
      sass (~> 3.3)

PLATFORMS
  ruby

DEPENDENCIES
  toolkit (~> 2.0)
